GEM
  remote: http://rubygems.org/
  specs:
    barby (0.6.4)
    chunky_png (1.3.4)

PLATFORMS
  ruby

DEPENDENCIES
  barby
  chunky_png

BUNDLED WITH
   1.12.5
